GEM
  remote: https://rubygems.org/
  specs:
    minitest (5.4.1)
    minitest-rg (5.1.0)
      minitest (~> 5.0)
    rake (10.3.2)

PLATFORMS
  ruby

DEPENDENCIES
  minitest (~> 5.4.1)
  minitest-rg
  rake
